GIT
  remote: https://github.com/jekyll/minima.git
  revision: 7a677eef001d47fe8f181727d2da7dd2eaeb3d1b
  ref: v2.5.2
  specs:
    minima (2.5.2)
      jekyll (>= 3.5, < 5.0)
      jekyll-feed (~> 0.9)
      jekyll-seo-tag (~> 2.1)

GEM
  remote: https://rubygems.org/
  specs:
    addressable (2.8.7)
      public_suffix (>= 2.0.2, < 7.0)
    base64 (0.2.0)
    bigdecimal (3.1.9)
    bump (0.10.0)
    coderay (1.1.3)
    colorator (1.1.0)
    concurrent-ruby (1.3.5)
    csv (3.3.4)
    em-websocket (0.5.3)
      eventmachine (>= 0.12.9)
      http_parser.rb (~> 0)
    eventmachine (1.2.7)
    facets (3.1.0)
    ffi (1.17.2-arm64-darwin)
    ffi (1.17.2-x86_64-linux-gnu)
    forwardable-extended (2.6.0)
    google-protobuf (4.31.0-arm64-darwin)
      bigdecimal
      rake (>= 13)
    google-protobuf (4.31.0-x86_64-linux-gnu)
      bigdecimal
      rake (>= 13)
    http_parser.rb (0.8.0)
    i18n (1.14.7)
      concurrent-ruby (~> 1.0)
    jekyll (4.4.1)
      addressable (~> 2.4)
      base64 (~> 0.2)
      colorator (~> 1.0)
      csv (~> 3.0)
      em-websocket (~> 0.5)
      i18n (~> 1.0)
      jekyll-sass-converter (>= 2.0, < 4.0)
      jekyll-watch (~> 2.0)
      json (~> 2.6)
      kramdown (~> 2.3, >= 2.3.1)
      kramdown-parser-gfm (~> 1.0)
      liquid (~> 4.0)
      mercenary (~> 0.3, >= 0.3.6)
      pathutil (~> 0.9)
      rouge (>= 3.0, < 5.0)
      safe_yaml (~> 1.0)
      terminal-table (>= 1.8, < 4.0)
      webrick (~> 1.7)
    jekyll-feed (0.17.0)
      jekyll (>= 3.7, < 5.0)
    jekyll-sass-converter (3.1.0)
      sass-embedded (~> 1.75)
    jekyll-seo-tag (2.8.0)
      jekyll (>= 3.8, < 5.0)
    jekyll-watch (2.2.1)
      listen (~> 3.0)
    jekyll_img (0.2.7)
      jekyll (>= 3.5.0)
      jekyll_plugin_support (>= 1.0.0)
    jekyll_plugin_logger (2.1.2)
      bump
      jekyll (>= 3.5.0)
    jekyll_plugin_support (1.1.0)
      facets
      jekyll (>= 3.5.0)
      jekyll_plugin_logger
      key-value-parser
      pry
    json (2.12.0)
    key-value-parser (0.0.2)
    kramdown (2.4.0)
      rexml
    kramdown-parser-gfm (1.1.0)
      kramdown (~> 2.0)
    liquid (4.0.4)
    listen (3.9.0)
      rb-fsevent (~> 0.10, >= 0.10.3)
      rb-inotify (~> 0.9, >= 0.9.10)
    mercenary (0.3.6)
    method_source (1.1.0)
    pathutil (0.16.2)
      forwardable-extended (~> 2.6)
    pry (0.15.2)
      coderay (~> 1.1)
      method_source (~> 1.0)
    public_suffix (5.1.1)
    rake (13.2.1)
    rb-fsevent (0.11.2)
    rb-inotify (0.11.1)
      ffi (~> 1.0)
    rexml (3.4.1)
    rouge (3.30.0)
    safe_yaml (1.0.5)
    sass-embedded (1.89.0-arm64-darwin)
      google-protobuf (~> 4.31)
    sass-embedded (1.89.0-x86_64-linux-gnu)
      google-protobuf (~> 4.31)
    terminal-table (1.8.0)
      unicode-display_width (~> 1.1, >= 1.1.1)
    unicode-display_width (1.8.0)
    webrick (1.9.1)

PLATFORMS
  arm64-darwin-24
  x86_64-linux

DEPENDENCIES
  jekyll (~> 4.2)
  jekyll_img
  minima!

BUNDLED WITH
   2.6.9
